GIT
  remote: https://github.com/indirect/metriks-librato_metrics.git
  revision: 59d2aad7e15b577f7313288a29da5307160cc1be
  specs:
    metriks-librato_metrics (1.0.3)
      metriks (>= 0.9.9.6)

GIT
  remote: https://github.com/indirect/rack-timeout.git
  revision: 96c78a76bb6f1b45990e40ccd26df652e6202db8
  specs:
    rack-timeout (0.4.0.beta.1)

GEM
  remote: https://rubygems.org/
  specs:
    aggregate (0.2.2)
    artifice (0.6)
      rack-test
    ast (2.2.0)
    atomic (1.1.99)
    avl_tree (1.2.1)
      atomic (~> 1.1)
    byebug (8.2.1)
    coderay (1.1.0)
    compact_index (0.10.0)
    dalli (2.7.6)
    diff-lcs (1.2.5)
    dotenv (2.0.2)
    faraday (0.9.2)
      multipart-post (>= 1.2, < 3)
    foreman (0.78.0)
      thor (~> 0.19.1)
    get_process_mem (0.2.0)
    hitimes (1.2.3)
    json (2.1.0)
    librato-metrics (1.6.0)
      aggregate (~> 0.2.2)
      faraday (~> 0.7)
      multi_json
    method_source (0.8.2)
    metriks (0.9.9.7)
      atomic (~> 1.0)
      avl_tree (~> 1.2.0)
      hitimes (~> 1.1)
    metriks-middleware (2.1.1)
      metriks (~> 0.9.9)
    multi_json (1.11.2)
    multipart-post (2.0.0)
    newrelic_rpm (3.15.0.314)
    parser (2.3.0.6)
      ast (~> 2.2)
    pg (0.18.4)
    powerpack (0.1.1)
    pry (0.10.3)
      coderay (~> 1.1.0)
      method_source (~> 0.8.1)
      slop (~> 3.4)
    pry-byebug (3.3.0)
      byebug (~> 8.0)
      pry (~> 0.10)
    puma (3.0.0)
    puma_worker_killer (0.0.5)
      get_process_mem (~> 0.2)
      puma (>= 2.7, < 4)
    rack (1.6.4)
    rack-protection (1.5.3)
      rack
    rack-test (0.6.3)
      rack (>= 1.0)
    rainbow (2.1.0)
    rake (10.4.2)
    redis (3.2.2)
    rspec-core (3.4.3)
      rspec-support (~> 3.4.0)
    rspec-expectations (3.4.0)
      diff-lcs (>= 1.2.0, < 2.0)
      rspec-support (~> 3.4.0)
    rspec-mocks (3.4.1)
      diff-lcs (>= 1.2.0, < 2.0)
      rspec-support (~> 3.4.0)
    rspec-support (3.4.1)
    rubocop (0.37.2)
      parser (>= 2.3.0.4, < 3.0)
      powerpack (~> 0.1)
      rainbow (>= 1.99.1, < 3.0)
      ruby-progressbar (~> 1.7)
      unicode-display_width (~> 0.3)
    ruby-progressbar (1.7.5)
    sequel (4.30.0)
    sequel_pg (1.6.13)
      pg (>= 0.8.0)
      sequel (>= 3.39.0)
    sinatra (1.4.6)
      rack (~> 1.4)
      rack-protection (~> 1.4)
      tilt (>= 1.3, < 3)
    slop (3.6.0)
    thor (0.19.1)
    tilt (2.0.2)
    unicode-display_width (0.3.1)

PLATFORMS
  ruby

DEPENDENCIES
  artifice
  compact_index
  dalli
  dotenv
  foreman
  json
  librato-metrics
  metriks-librato_metrics!
  metriks-middleware
  newrelic_rpm
  pg
  pry-byebug
  puma
  puma_worker_killer
  rack-test
  rack-timeout (= 0.4.0.beta.1)!
  rake
  redis
  rspec-core
  rspec-expectations
  rspec-mocks
  rubocop
  sequel
  sequel_pg
  sinatra

BUNDLED WITH
   1.14.6
